PATH
  remote: .
  specs:
    ihoka-friendly (0.8.0.pre)
      activesupport (~> 2.3.18)
      rufus-json (~> 0.2.3)
      sequel (~> 4.10.0)
      will_paginate (~> 2.3.15)

GEM
  remote: https://rubygems.org/
  specs:
    activesupport (2.3.18)
    jferris-mocha (0.9.8.20100526112143)
      rake
    memcached (1.7.2)
    mysql2 (0.3.16)
    rake (10.3.2)
    rspec (1.3.2)
    rufus-json (0.2.7)
    sequel (4.10.0)
    will_paginate (2.3.16)
    yajl-ruby (1.2.0)

PLATFORMS
  ruby

DEPENDENCIES
  ihoka-friendly!
  jferris-mocha (~> 0.9.8.20100526112143)
  memcached (~> 1.7.2)
  mysql2 (~> 0.3.15)
  rake
  rspec (~> 1.3.1)
  yajl-ruby (~> 1.2.0)
